PATH
  remote: .
  specs:
    kurgan (0.3.0)
      faraday (~> 1, < 2)
      terminal-table (~> 1, < 2)
      thor (~> 0.19)

GEM
  remote: https://rubygems.org/
  specs:
    faraday (1.4.3)
      faraday-em_http (~> 1.0)
      faraday-em_synchrony (~> 1.0)
      faraday-excon (~> 1.1)
      faraday-net_http (~> 1.0)
      faraday-net_http_persistent (~> 1.1)
      multipart-post (>= 1.2, < 3)
      ruby2_keywords (>= 0.0.4)
    faraday-em_http (1.0.0)
    faraday-em_synchrony (1.0.0)
    faraday-excon (1.1.0)
    faraday-net_http (1.0.1)
    faraday-net_http_persistent (1.2.0)
    multipart-post (2.1.1)
    rake (13.0.1)
    ruby2_keywords (0.0.5)
    terminal-table (1.8.0)
      unicode-display_width (~> 1.1, >= 1.1.1)
    thor (0.20.3)
    unicode-display_width (1.7.0)

PLATFORMS
  ruby

DEPENDENCIES
  bundler (~> 2.0)
  kurgan!
  rake (~> 13.0)

BUNDLED WITH
   2.1.4
