PATH
  remote: .
  specs:
    kurgan (0.2.2)
      thor (~> 0.19)

GEM
  remote: https://rubygems.org/
  specs:
    rake (13.0.1)
    thor (0.20.3)

PLATFORMS
  ruby

DEPENDENCIES
  bundler (~> 2.0)
  kurgan!
  rake (~> 13.0)

BUNDLED WITH
   2.0.1
